GEM
  remote: http://rubygems.org/
  specs:
    activesupport (2.3.14)
    childprocess (0.2.2)
      ffi (~> 1.0.6)
    ffi (1.0.9)
    gizmo (0.1.1)
      activesupport (~> 2.3.5)
      nokogiri (>= 1.4.1)
      tilt (>= 1.0.1)
    json_pure (1.6.1)
    nokogiri (1.5.0)
    rubyzip (0.9.4)
    selenium-webdriver (2.8.0)
      childprocess (>= 0.2.1)
      ffi (>= 1.0.7)
      json_pure
      rubyzip
    tilt (1.3.2)
    watir-webdriver (0.3.5)
      selenium-webdriver (>= 0.2.2)

PLATFORMS
  ruby

DEPENDENCIES
  gizmo
  watir-webdriver
